GEM
  remote: https://rubygems.org/
  specs:
    backports (3.3.2)
    bson (1.8.6)
    bson_ext (1.8.6)
      bson (~> 1.8.6)
    daemons (1.1.9)
    eventmachine (1.0.3)
    excon (0.16.10)
    haml (4.0.2)
      tilt
    json (1.7.7)
    mandrill-api (1.0.30)
      excon (~> 0.16.0)
      json (~> 1.7.7)
    mime-types (1.22)
    mongo (1.8.6)
      bson (~> 1.8.6)
    multi_json (1.7.2)
    newrelic_rpm (3.6.0.83)
    rack (1.5.2)
    rack-protection (1.5.0)
      rack
    rack-test (0.6.2)
      rack (>= 1.0)
    rdiscount (2.0.7.2)
    rest-client (1.6.7)
      mime-types (>= 1.16)
    sass (3.2.7)
    sinatra (1.4.2)
      rack (~> 1.5, >= 1.5.2)
      rack-protection (~> 1.4)
      tilt (~> 1.3, >= 1.3.4)
    sinatra-contrib (1.4.0)
      backports (>= 2.0)
      eventmachine
      rack-protection
      rack-test
      sinatra (~> 1.4.2)
      tilt (~> 1.3)
    stripe (1.8.3)
      multi_json (>= 1.0.4, < 2)
      rest-client (~> 1.4)
    thin (1.5.1)
      daemons (>= 1.0.9)
      eventmachine (>= 0.12.6)
      rack (>= 1.0.0)
    tilt (1.3.7)

PLATFORMS
  ruby

DEPENDENCIES
  bson_ext
  haml
  json
  mandrill-api
  mongo
  newrelic_rpm
  rdiscount
  sass
  sinatra
  sinatra-contrib
  stripe
  thin
